GEM
  remote: https://rubygems.org/
  specs:
    csv (3.2.3)
    rake (13.0.6)

PLATFORMS
  x86_64-linux

DEPENDENCIES
  csv
  rake

RUBY VERSION
   ruby 2.7.4p191

BUNDLED WITH
   2.3.14
